PATH
  remote: .
  specs:
    trashed (3.2.6)
      statsd-ruby (~> 1.1)

GEM
  remote: https://rubygems.org/
  specs:
    minitest (5.10.2)
    rake (10.5.0)
    statsd-ruby (1.4.0)

PLATFORMS
  ruby

DEPENDENCIES
  minitest (~> 5.3)
  rake (~> 10)
  trashed!

BUNDLED WITH
   1.15.1
