PATH
  remote: .
  specs:
    trashed (3.2.7)
      statsd-ruby (~> 1.1)

GEM
  remote: https://rubygems.org/
  specs:
    minitest (5.10.2)
    rake (12.3.3)
    statsd-ruby (1.4.0)

PLATFORMS
  ruby

DEPENDENCIES
  minitest (~> 5.3)
  rake (~> 12)
  trashed!

BUNDLED WITH
   1.16.0
